GEM
  specs:
    rake (0.9.2)

PLATFORMS
  ruby

DEPENDENCIES
  rake
